GEM
  remote: https://rubygems.org/
  specs:
    rake (10.4.2)
    review (1.4.0)

PLATFORMS
  ruby

DEPENDENCIES
  rake
  review
